GEM
  specs:
    daemons (1.1.9)
    dotenv (0.8.0)
    eventmachine (1.0.3)
    foreman (0.63.0)
      dotenv (>= 0.7)
      thor (>= 0.13.6)
    rack (1.5.2)
    rack-cors (0.2.8)
      rack
    thin (1.5.1)
      daemons (>= 1.0.9)
      eventmachine (>= 0.12.6)
      rack (>= 1.0.0)
    thor (0.18.1)

PLATFORMS
  ruby

DEPENDENCIES
  foreman
  rack-cors
  thin
